PATH
  remote: .
  specs:
    my_gem (0.0.0)
      binder (~> 0.0.1)

GEM
  remote: http://rubygems.org/
  specs:
    binder (0.0.6)
    builder (3.0.0)
    cucumber (0.10.6)
      builder (>= 2.1.2)
      diff-lcs (>= 1.1.2)
      gherkin (~> 2.4.0)
      json (>= 1.4.6)
      term-ansicolor (>= 1.0.5)
    diff-lcs (1.1.2)
    gherkin (2.4.0)
      json (>= 1.4.6)
    json (1.5.1)
    term-ansicolor (1.0.5)

PLATFORMS
  ruby

DEPENDENCIES
  cucumber (~> 0.10)
  my_gem!
