PATH
  remote: .
  specs:
    my_gem (0.0.0)

GEM
  remote: http://rubygems.org/
  specs:

PLATFORMS
  ruby

DEPENDENCIES
  my_gem!
